GIT
  remote: git@github.com:MrJoy/frisky.git
  revision: a6a80f39c65c445d52e40a34cb627dbb0aa45c65
  ref: a6a80f39c65c445d52e40a34cb627dbb0aa45c65
  specs:
    frisky (0.1.2)
      em-synchrony
      eventmachine (>= 1.0.0)
      log_switch (~> 1.0.0)

GEM
  remote: http://rubygems.org/
  specs:
    activesupport (4.2.7.1)
      i18n (~> 0.7)
      json (~> 1.7, >= 1.7.7)
      minitest (~> 5.1)
      thread_safe (~> 0.3, >= 0.3.4)
      tzinfo (~> 1.1)
    awesome_print (1.7.0)
    coderay (1.1.1)
    em-synchrony (1.0.6)
      eventmachine (>= 1.0.0.beta.1)
    eventmachine (1.2.1)
    i18n (0.7.0)
    json (1.8.6)
    log_switch (1.0.0)
    method_source (0.8.2)
    minitest (5.10.1)
    pry (0.10.4)
      coderay (~> 1.1.0)
      method_source (~> 0.8.1)
      slop (~> 3.4)
    slop (3.6.0)
    thor (0.19.4)
    thread_safe (0.3.5)
    tzinfo (1.2.2)
      thread_safe (~> 0.1)

PLATFORMS
  ruby

DEPENDENCIES
  activesupport (~> 4.2.7)
  awesome_print
  frisky!
  pry
  thor (~> 0.19.4)

RUBY VERSION
   ruby 2.3.0p0

BUNDLED WITH
   1.14.1
