GIT
  remote: git@github.com:MrJoy/frisky.git
  revision: a6a80f39c65c445d52e40a34cb627dbb0aa45c65
  ref: a6a80f39c65c445d52e40a34cb627dbb0aa45c65
  specs:
    frisky (0.1.2)
      em-synchrony
      eventmachine (>= 1.0.0)
      log_switch (~> 1.0.0)

PATH
  remote: .
  specs:
    wemo (1)
      activesupport (~> 4.2.7)
      frisky

GEM
  remote: http://rubygems.org/
  specs:
    activesupport (4.2.11)
      i18n (~> 0.7)
      minitest (~> 5.1)
      thread_safe (~> 0.3, >= 0.3.4)
      tzinfo (~> 1.1)
    awesome_print (1.8.0)
    coderay (1.1.2)
    concurrent-ruby (1.1.4)
    em-synchrony (1.0.6)
      eventmachine (>= 1.0.0.beta.1)
    eventmachine (1.2.7)
    i18n (0.9.5)
      concurrent-ruby (~> 1.0)
    log_switch (1.0.0)
    method_source (0.9.2)
    minitest (5.11.3)
    pry (0.12.2)
      coderay (~> 1.1.0)
      method_source (~> 0.9.0)
    thor (0.19.4)
    thread_safe (0.3.6)
    tzinfo (1.2.5)
      thread_safe (~> 0.1)

PLATFORMS
  ruby

DEPENDENCIES
  awesome_print
  frisky!
  pry
  thor (~> 0.19.4)
  wemo!

RUBY VERSION
   ruby 2.3.0p0

BUNDLED WITH
   1.17.1
